GEM
  remote: https://rubygems.org/
  specs:
    excon (0.54.0)

PLATFORMS
  ruby

DEPENDENCIES
  excon

BUNDLED WITH
   1.13.6
